GEM
  remote: https://rubygems.org/
  specs:
    coderay (1.1.3)
    dotenv (3.1.0)
    faraday (2.9.0)
      faraday-net_http (>= 2.0, < 3.2)
    faraday-net_http (3.1.0)
      net-http
    method_source (1.0.0)
    net-http (0.4.1)
      uri
    pry (0.14.2)
      coderay (~> 1.1)
      method_source (~> 1.0)
    thor (1.3.1)
    uri (0.13.0)

PLATFORMS
  arm64-darwin-22
  x86_64-linux

DEPENDENCIES
  dotenv
  faraday (~> 2.9)
  pry
  thor (~> 1.3)

BUNDLED WITH
   2.4.10
