GEM
  remote: https://rubygems.org/
  specs:
    dotenv (3.1.0)
    faraday (2.9.0)
      faraday-net_http (>= 2.0, < 3.2)
    faraday-net_http (3.1.0)
      net-http
    net-http (0.4.1)
      uri
    thor (1.3.1)
    uri (0.13.0)

PLATFORMS
  arm64-darwin-22

DEPENDENCIES
  dotenv
  faraday (~> 2.9)
  thor (~> 1.3)

BUNDLED WITH
   2.4.10
